{"CapManufacturer":"EasyCap","CapManufacturersModelName":"EasyCap M1","CogAtlasID":"n/a","CogPOID":"n/a","ECGChannelCount":0,"EEGChannelCount":63,"EEGGround":"Fpz","EEGPlacementScheme":"10-20","EEGReference":"Cz","EMGChannelCount":0,"EOGChannelCount":0,"HardwareFilters":"n/a","HeadCircumference":56,"InstitutionAddress":"Campus de Cartuja, Granada, ES","InstitutionName":"University of Granada","InstitutionalDepartmentName":"Department of Experimental Psychology","Instructions":"Maintain fixation and respond according to experimental protocol.","Manufacturer":"Brain Products","ManufacturersModelName":"BrainAmp","MiscChannelCount":0,"PowerLineFrequency":50,"RecordingDuration":5857.06,"RecordingType":"continuous","SamplingFrequency":500,"SoftwareFilters":"n/a","SoftwareVersions":"BrainVision Recorder v. 1.25.0201","StimulusPresentation":{"Software":"Presentation","Version":"n/a","Resources":"n/a"},"SubjectArtefactDescription":"Blinks and sporadic eye movements; no prolonged episodes.","TaskDescription":"Exogenous attention task (neutral LAT blocked).","TaskName":"exo","TriggerChannelCount":0}